PATH
  remote: .
  specs:
    jimmy (2.0.0.pre.alpha.1)

GEM
  remote: https://rubygems.org/
  specs:
    ast (2.4.0)
    diff-lcs (1.3)
    docile (1.3.2)
    ecma-re-validator (0.2.1)
      regexp_parser (~> 1.2)
    hana (1.3.6)
    json_schemer (0.2.11)
      ecma-re-validator (~> 0.2)
      hana (~> 1.3)
      regexp_parser (~> 1.5)
      uri_template (~> 0.7)
    parallel (1.19.1)
    parser (2.7.1.2)
      ast (~> 2.4.0)
    rainbow (3.0.0)
    rake (12.3.3)
    regexp_parser (1.7.0)
    rexml (3.2.4)
    rspec (3.9.0)
      rspec-core (~> 3.9.0)
      rspec-expectations (~> 3.9.0)
      rspec-mocks (~> 3.9.0)
    rspec-core (3.9.2)
      rspec-support (~> 3.9.3)
    rspec-expectations (3.9.2)
      diff-lcs (>= 1.2.0, < 2.0)
      rspec-support (~> 3.9.0)
    rspec-mocks (3.9.1)
      diff-lcs (>= 1.2.0, < 2.0)
      rspec-support (~> 3.9.0)
    rspec-support (3.9.3)
    rubocop (0.83.0)
      parallel (~> 1.10)
      parser (>= 2.7.0.1)
      rainbow (>= 2.2.2, < 4.0)
      rexml
      ruby-progressbar (~> 1.7)
      unicode-display_width (>= 1.4.0, < 2.0)
    ruby-progressbar (1.10.1)
    simplecov (0.18.5)
      docile (~> 1.1)
      simplecov-html (~> 0.11)
    simplecov-html (0.12.2)
    unicode-display_width (1.7.0)
    uri_template (0.7.0)

PLATFORMS
  ruby

DEPENDENCIES
  jimmy!
  json_schemer (~> 0.2.11)
  rake (~> 12.0)
  rspec (~> 3.9)
  rubocop (~> 0.83)
  simplecov (~> 0.18.5)

BUNDLED WITH
   2.1.4
